GIT
  remote: git://github.com/arunagw/sprockets-redirect.git
  revision: 7335b0865f9486bd2125189c43708edf6f52382f
  branch: aa-rails4
  specs:
    sprockets-redirect (0.1.0)
      activesupport (>= 3.1.0)
      rack

GIT
  remote: git://github.com/thoughtbot/capybara_discoball.git
  revision: 5435c838e90a1c7f9dfffc36103c6b8040f3ce15
  specs:
    capybara_discoball (0.0.1)
      capybara

GEM
  remote: https://rubygems.org/
  specs:
    actionmailer (4.1.7)
      actionpack (= 4.1.7)
      actionview (= 4.1.7)
      mail (~> 2.5, >= 2.5.4)
    actionpack (4.1.7)
      actionview (= 4.1.7)
      activesupport (= 4.1.7)
      rack (~> 1.5.2)
      rack-test (~> 0.6.2)
    actionview (4.1.7)
      activesupport (= 4.1.7)
      builder (~> 3.1)
      erubis (~> 2.7.0)
    active_model_serializers (0.7.0)
      activemodel (>= 3.0)
    activemodel (4.1.7)
      activesupport (= 4.1.7)
      builder (~> 3.1)
    activerecord (4.1.7)
      activemodel (= 4.1.7)
      activesupport (= 4.1.7)
      arel (~> 5.0.0)
    activesupport (4.1.7)
      i18n (~> 0.6, >= 0.6.9)
      json (~> 1.7, >= 1.7.7)
      minitest (~> 5.1)
      thread_safe (~> 0.1)
      tzinfo (~> 1.1)
    acts_as_list (0.5.0)
      activerecord (>= 3.0)
    addressable (2.3.6)
    airbrake (4.1.0)
      builder
      multi_json
    analytics-ruby (2.0.10)
    arel (5.0.1.20140414130214)
    aws-sdk (1.57.0)
      aws-sdk-v1 (= 1.57.0)
    aws-sdk-v1 (1.57.0)
      json (~> 1.4)
      nokogiri (>= 1.4.4)
    bcrypt (3.1.9)
    bluecloth (2.2.0)
    bourbon (3.2.3)
      sass (~> 3.2)
      thor
    bourne (1.5.0)
      mocha (>= 0.13.2, < 0.15)
    builder (3.2.2)
    capybara (2.4.4)
      mime-types (>= 1.16)
      nokogiri (>= 1.3.3)
      rack (>= 1.0.0)
      rack-test (>= 0.5.4)
      xpath (~> 2.0)
    capybara-webkit (1.3.1)
      capybara (>= 2.0.2, < 2.5.0)
      json
    childprocess (0.5.5)
      ffi (~> 1.0, >= 1.0.11)
    clearance (1.4.3)
      bcrypt
      email_validator (~> 1.4)
      rails (>= 3.1)
    climate_control (0.0.3)
      activesupport (>= 3.0)
    cocaine (0.5.4)
      climate_control (>= 0.0.3, < 1.0)
    codeclimate-test-reporter (0.4.1)
      simplecov (>= 0.7.1, < 1.0.0)
    coderay (1.1.0)
    coffee-rails (4.0.1)
      coffee-script (>= 2.2.0)
      railties (>= 4.0.0, < 5.0)
    coffee-script (2.3.0)
      coffee-script-source
      execjs
    coffee-script-source (1.8.0)
    crack (0.4.2)
      safe_yaml (~> 1.0.0)
    database_cleaner (1.3.0)
    delayed_job (4.0.4)
      activesupport (>= 3.0, < 4.2)
    delayed_job_active_record (4.0.2)
      activerecord (>= 3.0, < 4.2)
      delayed_job (>= 3.0, < 4.1)
    diff-lcs (1.2.5)
    docile (1.1.5)
    doorkeeper (1.3.0)
      railties (>= 3.1)
    dotenv (1.0.2)
    dotenv-rails (1.0.2)
      dotenv (= 1.0.2)
    dynamic_form (1.1.4)
    email_spec (1.6.0)
      launchy (~> 2.1)
      mail (~> 2.2)
    email_validator (1.4.0)
      activemodel
    erubis (2.7.0)
    execjs (2.2.2)
    factory_girl (4.5.0)
      activesupport (>= 3.0.0)
    factory_girl_rails (4.5.0)
      factory_girl (~> 4.5.0)
      railties (>= 3.0.0)
    faraday (0.9.0)
      multipart-post (>= 1.2, < 3)
    ffi (1.9.6)
    flutie (2.0.0)
    font-awesome-rails (4.2.0.0)
      railties (>= 3.2, < 5.0)
    font_assets (0.1.11)
      rack
    formtastic (2.2.1)
      actionpack (>= 3.0)
    friendly_id (5.0.4)
      activerecord (>= 4.0.0)
    gravatarify (3.1.1)
    haml (4.0.5)
      tilt
    hashie (3.3.1)
    heroku-deflater (0.5.3)
      rack (>= 1.4.5)
    high_voltage (2.2.1)
    hike (1.2.3)
    httparty (0.13.2)
      json (~> 1.8)
      multi_xml (>= 0.5.2)
    i18n (0.6.11)
    jquery-rails (3.1.2)
      railties (>= 3.0, < 5.0)
      thor (>= 0.14, < 2.0)
    jquery-ui-rails (5.0.2)
      railties (>= 3.2.16)
    json (1.8.1)
    jwt (1.0.0)
    kaminari (0.16.1)
      actionpack (>= 3.0.0)
      activesupport (>= 3.0.0)
    kgio (2.9.2)
    launchy (2.4.3)
      addressable (~> 2.3)
    mail (2.6.3)
      mime-types (>= 1.16, < 3)
    metaclass (0.0.4)
    method_source (0.8.2)
    mime-types (2.4.3)
    mini_portile (0.6.1)
    minitest (5.4.2)
    mocha (0.14.0)
      metaclass (~> 0.0.1)
    multi_json (1.10.1)
    multi_xml (0.5.5)
    multipart-post (2.0.0)
    neat (1.5.1)
      bourbon (>= 3.1)
      sass (~> 3.2.19)
    nested_form (0.3.2)
    netrc (0.8.0)
    newrelic_rpm (3.8.1.221)
    nokogiri (1.6.4)
      mini_portile (~> 0.6.0)
    oauth2 (1.0.0)
      faraday (>= 0.8, < 0.10)
      jwt (~> 1.0)
      multi_json (~> 1.3)
      multi_xml (~> 0.5)
      rack (~> 1.2)
    octokit (3.5.2)
      sawyer (~> 0.5.3)
    omniauth (1.2.2)
      hashie (>= 1.2, < 4)
      rack (~> 1.0)
    omniauth-github (1.1.2)
      omniauth (~> 1.0)
      omniauth-oauth2 (~> 1.1)
    omniauth-oauth2 (1.2.0)
      faraday (>= 0.8, < 0.10)
      multi_json (~> 1.3)
      oauth2 (~> 1.0)
      omniauth (~> 1.2)
    paperclip (4.2.0)
      activemodel (>= 3.0.0)
      activesupport (>= 3.0.0)
      cocaine (~> 0.5.3)
      mime-types
    pg (0.17.1)
    pry (0.10.1)
      coderay (~> 1.1.0)
      method_source (~> 0.8.1)
      slop (~> 3.4)
    pry-rails (0.3.2)
      pry (>= 0.9.10)
    quiet_assets (1.0.3)
      railties (>= 3.1, < 5.0)
    rack (1.5.2)
    rack-pjax (0.8.0)
      nokogiri (~> 1.5)
      rack (~> 1.1)
    rack-protection (1.5.3)
      rack
    rack-rewrite (1.5.0)
    rack-ssl-enforcer (0.2.8)
    rack-test (0.6.2)
      rack (>= 1.0)
    rails (4.1.7)
      actionmailer (= 4.1.7)
      actionpack (= 4.1.7)
      actionview (= 4.1.7)
      activemodel (= 4.1.7)
      activerecord (= 4.1.7)
      activesupport (= 4.1.7)
      bundler (>= 1.3.0, < 2.0)
      railties (= 4.1.7)
      sprockets-rails (~> 2.0)
    rails_12factor (0.0.3)
      rails_serve_static_assets
      rails_stdout_logging
    rails_admin (0.6.5)
      builder (~> 3.1)
      coffee-rails (~> 4.0)
      font-awesome-rails (>= 3.0, < 5)
      haml (~> 4.0)
      jquery-rails (~> 3.0)
      jquery-ui-rails (~> 5.0)
      kaminari (~> 0.14)
      nested_form (~> 0.3)
      rack-pjax (~> 0.7)
      rails (~> 4.0)
      remotipart (~> 1.0)
      safe_yaml (~> 1.0)
      sass-rails (~> 4.0)
    rails_serve_static_assets (0.0.2)
    rails_stdout_logging (0.0.3)
    railties (4.1.7)
      actionpack (= 4.1.7)
      activesupport (= 4.1.7)
      rake (>= 0.8.7)
      thor (>= 0.18.1, < 2.0)
    raindrops (0.13.0)
    rake (10.3.2)
    recipient_interceptor (0.1.2)
      mail
    remotipart (1.2.1)
    rest-client (1.7.2)
      mime-types (>= 1.16, < 3.0)
      netrc (~> 0.7)
    rspec-core (3.1.7)
      rspec-support (~> 3.1.0)
    rspec-expectations (3.1.2)
      diff-lcs (>= 1.2.0, < 2.0)
      rspec-support (~> 3.1.0)
    rspec-mocks (3.1.3)
      rspec-support (~> 3.1.0)
    rspec-rails (3.1.0)
      actionpack (>= 3.0)
      activesupport (>= 3.0)
      railties (>= 3.0)
      rspec-core (~> 3.1.0)
      rspec-expectations (~> 3.1.0)
      rspec-mocks (~> 3.1.0)
      rspec-support (~> 3.1.0)
    rspec-support (3.1.2)
    ruby-freshbooks (0.4.1)
      builder (>= 2.1.2)
      httparty (>= 0.5.0)
    rubyzip (1.1.6)
    safe_yaml (1.0.4)
    safety_mailer (0.0.9)
    sass (3.2.19)
    sass-rails (4.0.4)
      railties (>= 4.0.0, < 5.0)
      sass (~> 3.2.2)
      sprockets (~> 2.8, < 2.12)
      sprockets-rails (~> 2.0)
    sawyer (0.5.5)
      addressable (~> 2.3.5)
      faraday (~> 0.8, < 0.10)
    selenium-webdriver (2.44.0)
      childprocess (~> 0.5)
      multi_json (~> 1.0)
      rubyzip (~> 1.0)
      websocket (~> 1.0)
    sham_rack (1.3.6)
      rack
    shoulda-matchers (2.7.0)
      activesupport (>= 3.0.0)
    simplecov (0.9.1)
      docile (~> 1.1.0)
      multi_json (~> 1.0)
      simplecov-html (~> 0.8.0)
    simplecov-html (0.8.0)
    sinatra (1.4.5)
      rack (~> 1.4)
      rack-protection (~> 1.4)
      tilt (~> 1.3, >= 1.3.4)
    slop (3.6.0)
    spring (1.1.3)
    spring-commands-rspec (1.0.2)
      spring (>= 0.9.1)
    sprockets (2.11.3)
      hike (~> 1.2)
      multi_json (~> 1.0)
      rack (~> 1.0)
      tilt (~> 1.1, != 1.3.0)
    sprockets-rails (2.2.0)
      actionpack (>= 3.0)
      activesupport (>= 3.0)
      sprockets (>= 2.8, < 4.0)
    stripe (1.16.0)
      json (~> 1.8.1)
      mime-types (>= 1.25, < 3.0)
      rest-client (~> 1.4)
    stripe_event (1.4.0)
      activesupport (>= 3.1)
      stripe (~> 1.6)
    thor (0.19.1)
    thread_safe (0.3.4)
    tilt (1.4.1)
    timecop (0.7.1)
    tzinfo (1.2.2)
      thread_safe (~> 0.1)
    uglifier (2.5.3)
      execjs (>= 0.3.0)
      json (>= 1.8.0)
    unicorn (4.8.3)
      kgio (~> 2.6)
      rack
      raindrops (~> 0.7)
    validates_email_format_of (1.6.1)
      i18n
    webmock (1.20.2)
      addressable (>= 2.3.6)
      crack (>= 0.3.2)
    websocket (1.2.1)
    xpath (2.0.0)
      nokogiri (~> 1.3)

PLATFORMS
  ruby

DEPENDENCIES
  active_model_serializers (~> 0.7.0)
  acts_as_list
  airbrake
  analytics-ruby (~> 2.0.0)
  aws-sdk
  bluecloth
  bourbon (~> 3.2.1)
  bourne
  capybara
  capybara-webkit
  capybara_discoball!
  clearance (~> 1.4.2)
  climate_control
  codeclimate-test-reporter
  coffee-rails
  database_cleaner
  delayed_job_active_record
  doorkeeper (= 1.3.0)
  dotenv-rails
  dynamic_form (~> 1.1.4)
  email_spec
  factory_girl_rails
  flutie
  font-awesome-rails
  font_assets
  formtastic (~> 2.2.0)
  friendly_id (~> 5.0.4)
  gravatarify (~> 3.1.0)
  heroku-deflater
  high_voltage
  jquery-rails
  jquery-ui-rails
  launchy
  neat
  newrelic_rpm (~> 3.8.1.221)
  nokogiri (~> 1.6.4)
  octokit (~> 3.5.2)
  omniauth (~> 1.2.1)
  omniauth-github (~> 1.1.2)
  paperclip (~> 4.2.0)
  pg
  pry-rails
  quiet_assets
  rack-rewrite (~> 1.5.0)
  rack-ssl-enforcer (~> 0.2.4)
  rails (= 4.1.7)
  rails_12factor
  rails_admin (~> 0.6.2)
  recipient_interceptor
  rspec-rails (~> 3.1.0)
  ruby-freshbooks (~> 0.4.0)
  safety_mailer (~> 0.0.3)
  sass-rails (~> 4.0.4)
  selenium-webdriver
  sham_rack
  shoulda-matchers
  simplecov (~> 0.9)
  sinatra
  spring
  spring-commands-rspec
  sprockets-redirect!
  stripe
  stripe_event
  timecop
  uglifier
  unicorn
  validates_email_format_of
  webmock
