GIT
  remote: git://github.com/applicake/doorkeeper.git
  revision: be38a35c23d4fecfe3c2b0da2c7b96d36ff9f78d
  specs:
    doorkeeper (0.6.7)
      railties (>= 3.1)

GIT
  remote: git://github.com/cpytel/to_js.git
  revision: 66465bdab59dd001cd354fc0737814662eca3f0b
  specs:
    to_js (0.0.1)
      visitor

GIT
  remote: git@github.com:thoughtbot/capybara_discoball.git
  revision: e3791f5dd11eb024a524b43836bb010656594e49
  specs:
    capybara_discoball (0.0.1)
      capybara

GIT
  remote: https://github.com/stripe/stripe-ruby
  revision: 69a96ecc4b08549cf496c26a92ebbd8f405db49f
  specs:
    stripe (1.6.3)
      rest-client (~> 1.4)

GIT
  remote: https://github.com/thoughtbot/tumblr
  revision: 4984a9a3200070ebffe591568eeb8d10eba04b67
  specs:
    tumblr-rb (2.1.1)
      launchy (~> 2.2.0)
      sinatra (~> 1.4.0)
      thor (~> 0.18.0)
      weary (~> 1.1.0)

GEM
  remote: https://rubygems.org/
  specs:
    RedCloth (4.2.9)
    actionmailer (3.2.13)
      actionpack (= 3.2.13)
      mail (~> 2.5.3)
    actionpack (3.2.13)
      activemodel (= 3.2.13)
      activesupport (= 3.2.13)
      builder (~> 3.0.0)
      erubis (~> 2.7.0)
      journey (~> 1.0.4)
      rack (~> 1.4.5)
      rack-cache (~> 1.2)
      rack-test (~> 0.6.1)
      sprockets (~> 2.2.1)
    active_model_serializers (0.7.0)
      activemodel (>= 3.0)
    activemodel (3.2.13)
      activesupport (= 3.2.13)
      builder (~> 3.0.0)
    activerecord (3.2.13)
      activemodel (= 3.2.13)
      activesupport (= 3.2.13)
      arel (~> 3.0.2)
      tzinfo (~> 0.3.29)
    activeresource (3.2.13)
      activemodel (= 3.2.13)
      activesupport (= 3.2.13)
    activesupport (3.2.13)
      i18n (= 0.6.1)
      multi_json (~> 1.0)
    acts_as_list (0.1.6)
    addressable (2.3.4)
    airbrake (3.0.9)
      activesupport
      builder
    arel (3.0.2)
    attr_required (0.0.5)
    aws-sdk (1.6.2)
      httparty (~> 0.7)
      json (~> 1.4)
      nokogiri (>= 1.4.4)
      uuidtools (~> 2.1)
    bluecloth (2.2.0)
    bootstrap-sass (2.3.1.0)
      sass (~> 3.2)
    bourbon (3.1.6)
      sass (>= 3.2.0)
      thor
    bourne (1.4.0)
      mocha (~> 0.13.2)
    builder (3.0.4)
    capybara (1.1.2)
      mime-types (>= 1.16)
      nokogiri (>= 1.3.3)
      rack (>= 1.0.0)
      rack-test (>= 0.5.4)
      selenium-webdriver (~> 2.0)
      xpath (~> 0.1.4)
    chameleon (0.2.2)
    childprocess (0.3.9)
      ffi (~> 1.0, >= 1.0.11)
    clearance (0.16.1)
      diesel (~> 0.1.5)
      rails (>= 3.0)
    climate_control (0.0.3)
      activesupport (>= 3.0)
    cocaine (0.5.1)
      climate_control (>= 0.0.3, < 1.0)
    coderay (1.0.9)
    coffee-rails (3.2.2)
      coffee-script (>= 2.2.0)
      railties (~> 3.2.0)
    coffee-script (2.2.0)
      coffee-script-source
      execjs
    coffee-script-source (1.6.2)
    columnize (0.3.6)
    crack (0.4.1)
      safe_yaml (~> 0.9.0)
    csv_rails (0.6.1)
      rails (>= 3.0.0)
    cucumber (1.1.9)
      builder (>= 2.1.2)
      diff-lcs (>= 1.1.2)
      gherkin (~> 2.9.0)
      json (>= 1.4.6)
      term-ansicolor (>= 1.0.6)
    cucumber-rails (1.3.0)
      capybara (>= 1.1.2)
      cucumber (>= 1.1.8)
      nokogiri (>= 1.5.0)
    curb (0.8.1)
    daemons (1.1.8)
    dalli (2.1.0)
    database_cleaner (0.7.2)
    debugger (1.5.0)
      columnize (>= 0.3.1)
      debugger-linecache (~> 1.2.0)
      debugger-ruby_core_source (~> 1.2.0)
    debugger-linecache (1.2.0)
    debugger-ruby_core_source (1.2.0)
    delayed_job (3.0.4)
      activesupport (~> 3.0)
    delayed_job_active_record (0.3.3)
      activerecord (>= 2.1.0, < 4)
      delayed_job (~> 3.0)
    delayed_paperclip (2.6.0.0)
      paperclip (>= 3.3.0)
    diesel (0.1.5)
      railties
    diff-lcs (1.2.4)
    dynamic_form (1.1.4)
    email_spec (1.2.1)
      mail (~> 2.2)
      rspec (~> 2.0)
    erubis (2.7.0)
    escape_utils (0.2.4)
    eventmachine (0.12.10)
    excon (0.21.0)
    execjs (1.4.0)
    factory_girl (4.2.0)
      activesupport (>= 3.0.0)
    factory_girl_rails (4.2.1)
      factory_girl (~> 4.2.0)
      railties (>= 3.0.0)
    faraday (0.8.7)
      multipart-post (~> 1.1)
    faraday_middleware (0.9.0)
      faraday (>= 0.7.4, < 0.9)
    faye-websocket (0.4.7)
      eventmachine (>= 0.12.0)
    ffi (1.7.0)
    flutie (1.3.3)
    font-awesome-sass-rails (3.0.2.2)
      railties (>= 3.1.1)
      sass-rails (>= 3.1.1)
    foreman (0.46.0)
      thor (>= 0.13.6)
    formtastic (2.2.0)
      actionpack (>= 3.0)
    gherkin (2.9.3)
      json (>= 1.4.6)
    gibbon (0.4.6)
      httparty
      multi_json (>= 1.3.4)
    gravatarify (3.1.0)
    haml (4.0.2)
      tilt
    hashie (2.0.5)
    heroku (2.39.3)
      heroku-api (~> 0.3.7)
      launchy (>= 0.3.2)
      netrc (~> 0.7.7)
      rest-client (~> 1.6.1)
      rubyzip
    heroku-api (0.3.10)
      excon (~> 0.21.0)
    high_voltage (1.2.0)
    hike (1.2.3)
    hirb (0.6.2)
    http_parser.rb (0.5.3)
    httparty (0.8.1)
      multi_json
      multi_xml
    httpauth (0.1)
    i18n (0.6.1)
    intercom-rails (0.2.24)
      activesupport (> 3.0)
    journey (1.0.4)
    jquery-rails (2.2.1)
      railties (>= 3.0, < 5.0)
      thor (>= 0.14, < 2.0)
    jquery-tablesorter (1.5.0)
      railties (>= 3.1, < 5)
    jquery-ui-rails (3.0.1)
      jquery-rails
      railties (>= 3.1.0)
    json (1.7.7)
    jwt (0.1.5)
      multi_json (>= 1.0)
    kaminari (0.14.1)
      actionpack (>= 3.0.0)
      activesupport (>= 3.0.0)
    kgio (2.8.0)
    kissmetrics (2.0.0)
    launchy (2.2.0)
      addressable (~> 2.3)
    mail (2.5.3)
      i18n (>= 0.4.0)
      mime-types (~> 1.16)
      treetop (~> 1.4.8)
    memcachier (0.0.1)
    metaclass (0.0.1)
    method_source (0.8.1)
    mime-types (1.23)
    mocha (0.13.3)
      metaclass (~> 0.0.1)
    multi_json (1.3.7)
    multi_xml (0.4.4)
    multipart-post (1.2.0)
    nested_form (0.3.2)
    netrc (0.7.7)
    newrelic_rpm (3.6.6.147)
    nokogiri (1.5.2)
    oauth2 (0.8.0)
      faraday (~> 0.8)
      httpauth (~> 0.1)
      jwt (~> 0.1.4)
      multi_json (~> 1.0)
      rack (~> 1.2)
    octokit (1.24.0)
      addressable (~> 2.2)
      faraday (~> 0.8)
      faraday_middleware (~> 0.9)
      hashie (~> 2.0)
      multi_json (~> 1.3)
      netrc (~> 0.7.7)
    omniauth (1.1.4)
      hashie (>= 1.2, < 3)
      rack
    omniauth-github (1.0.2)
      omniauth (~> 1.0)
      omniauth-oauth2 (~> 1.1)
    omniauth-oauth2 (1.1.0)
      oauth2 (~> 0.8.0)
      omniauth (~> 1.0)
    paperclip (3.4.2)
      activemodel (>= 3.0.0)
      activerecord (>= 3.0.0)
      activesupport (>= 3.0.0)
      cocaine (~> 0.5.0)
      mime-types
    paypal-express (0.4.6)
      activesupport (>= 2.3)
      attr_required (>= 0.0.5)
      i18n
      restclient_with_cert
    pg (0.13.2)
    poltergeist (1.0.3)
      capybara (~> 1.1)
      childprocess (~> 0.3)
      faye-websocket (~> 0.4.4)
      http_parser.rb (~> 0.5.3)
      multi_json (~> 1.0)
    polyglot (0.3.3)
    promise (0.3.0)
    pry (0.9.12)
      coderay (~> 1.0.5)
      method_source (~> 0.8)
      slop (~> 3.4)
    pry-rails (0.2.2)
      pry (>= 0.9.10)
    rack (1.4.5)
    rack-cache (1.2)
      rack (>= 0.4)
    rack-pjax (0.7.0)
      nokogiri (~> 1.5)
      rack (~> 1.3)
    rack-protection (1.5.0)
      rack
    rack-rewrite (1.2.1)
    rack-ssl (1.3.3)
      rack
    rack-ssl-enforcer (0.2.4)
    rack-test (0.6.2)
      rack (>= 1.0)
    rails (3.2.13)
      actionmailer (= 3.2.13)
      actionpack (= 3.2.13)
      activerecord (= 3.2.13)
      activeresource (= 3.2.13)
      activesupport (= 3.2.13)
      bundler (~> 1.0)
      railties (= 3.2.13)
    rails_admin (0.4.7)
      bootstrap-sass (~> 2.2)
      builder (~> 3.0)
      coffee-rails (~> 3.1)
      font-awesome-sass-rails (~> 3.0, >= 3.0.0.1)
      haml (~> 4.0)
      jquery-rails (~> 2.1)
      jquery-ui-rails (~> 3.0)
      kaminari (~> 0.14)
      nested_form (~> 0.3)
      rack-pjax (~> 0.6)
      rails (~> 3.1)
      remotipart (~> 1.0)
      safe_yaml (~> 0.6)
      sass-rails (~> 3.1)
    railties (3.2.13)
      actionpack (= 3.2.13)
      activesupport (= 3.2.13)
      rack-ssl (~> 1.3.2)
      rake (>= 0.8.7)
      rdoc (~> 3.4)
      thor (>= 0.14.6, < 2.0)
    raindrops (0.10.0)
    rake (10.0.4)
    rdoc (3.12.2)
      json (~> 1.4)
    redis (2.2.2)
    redis-namespace (1.1.0)
      redis (< 3.0.0)
    remotipart (1.0.5)
    rest-client (1.6.7)
      mime-types (>= 1.16)
    restclient_with_cert (0.0.8)
      rest-client (>= 1.6)
    rspec (2.13.0)
      rspec-core (~> 2.13.0)
      rspec-expectations (~> 2.13.0)
      rspec-mocks (~> 2.13.0)
    rspec-core (2.13.1)
    rspec-expectations (2.13.0)
      diff-lcs (>= 1.1.3, < 2.0)
    rspec-mocks (2.13.1)
    rspec-rails (2.13.1)
      actionpack (>= 3.0)
      activesupport (>= 3.0)
      railties (>= 3.0)
      rspec-core (~> 2.13.0)
      rspec-expectations (~> 2.13.0)
      rspec-mocks (~> 2.13.0)
    ruby-freshbooks (0.4.0)
      builder (>= 2.1.2)
      httparty (>= 0.5.0)
    ruby-mp3info (0.8)
    rubyzip (0.9.9)
    safe_yaml (0.9.4)
    safety_mailer (0.0.3)
    sass (3.2.1)
    sass-rails (3.2.5)
      railties (~> 3.2.0)
      sass (>= 3.1.10)
      tilt (~> 1.3)
    selenium-webdriver (2.32.1)
      childprocess (>= 0.2.5)
      multi_json (~> 1.0)
      rubyzip
      websocket (~> 1.0.4)
    sham_rack (1.3.1)
    shoulda-matchers (2.1.0)
      activesupport (>= 3.0.0)
    simple_oauth (0.1.9)
    sinatra (1.4.3)
      rack (~> 1.4)
      rack-protection (~> 1.4)
      tilt (~> 1.3, >= 1.3.4)
    slop (3.4.3)
    snogmetrics (0.1.9)
    split (0.4.1)
      redis (~> 2.1)
      redis-namespace (~> 1.1.0)
      sinatra (>= 1.2.6)
    sprockets (2.2.2)
      hike (~> 1.2)
      multi_json (~> 1.0)
      rack (~> 1.0)
      tilt (~> 1.1, != 1.3.0)
    stripe_event (0.5.0)
      rails (~> 3.1)
      stripe (~> 1.6)
    strong_parameters (0.2.1)
      actionpack (~> 3.0)
      activemodel (~> 3.0)
      railties (~> 3.0)
    term-ansicolor (1.0.7)
    thin (1.3.1)
      daemons (>= 1.0.9)
      eventmachine (>= 0.12.6)
      rack (>= 1.0.0)
    thor (0.18.1)
    tilt (1.4.1)
    timecop (0.3.5)
    treetop (1.4.12)
      polyglot
      polyglot (>= 0.3.1)
    typhoeus (0.3.3)
      mime-types
    tzinfo (0.3.37)
    uglifier (1.2.4)
      execjs (>= 0.3.0)
      multi_json (>= 1.0.2)
    unicorn (4.6.2)
      kgio (~> 2.6)
      rack
      raindrops (~> 0.7)
    uuidtools (2.1.4)
    validates_email_format_of (1.5.3)
    visitor (0.0.1)
    weary (1.1.2)
      addressable (~> 2.3.2)
      multi_json (~> 1.3.0)
      promise (~> 0.3.0)
      rack (~> 1.4.0)
      simple_oauth (~> 0.1.5)
    webmock (1.8.7)
      addressable (>= 2.2.7)
      crack (>= 0.1.7)
    websocket (1.0.7)
    xpath (0.1.4)
      nokogiri (~> 1.3)

PLATFORMS
  ruby

DEPENDENCIES
  RedCloth (= 4.2.9)
  active_model_serializers (~> 0.7.0)
  acts_as_list (= 0.1.6)
  airbrake (= 3.0.9)
  aws-sdk (= 1.6.2)
  bluecloth
  bourbon (= 3.1.6)
  bourne
  capybara (= 1.1.2)
  capybara_discoball!
  chameleon (= 0.2.2)
  clearance (= 0.16.1)
  coffee-rails
  csv_rails (= 0.6.1)
  cucumber-rails (= 1.3.0)
  curb (= 0.8.1)
  dalli (= 2.1.0)
  database_cleaner (= 0.7.2)
  debugger
  delayed_job_active_record (= 0.3.3)
  delayed_paperclip
  doorkeeper!
  dynamic_form (= 1.1.4)
  email_spec (= 1.2.1)
  escape_utils (= 0.2.4)
  factory_girl_rails
  flutie (= 1.3.3)
  foreman (= 0.46.0)
  formtastic (= 2.2.0)
  gibbon
  gravatarify (~> 3.1.0)
  heroku
  high_voltage (= 1.2.0)
  hirb (= 0.6.2)
  httparty (= 0.8.1)
  intercom-rails (~> 0.2.21)
  jquery-rails
  jquery-tablesorter
  json (~> 1.7.7)
  kissmetrics (= 2.0.0)
  launchy
  memcachier
  newrelic_rpm
  nokogiri (= 1.5.2)
  octokit (~> 1.24.0)
  omniauth (~> 1.1.0)
  omniauth-github (= 1.0.2)
  paperclip
  paypal-express (= 0.4.6)
  pg (= 0.13.2)
  poltergeist
  pry-rails
  rack-cache (= 1.2)
  rack-rewrite (= 1.2.1)
  rack-ssl-enforcer (= 0.2.4)
  rails (= 3.2.13)
  rails_admin
  rspec-rails
  ruby-freshbooks (= 0.4.0)
  ruby-mp3info (~> 0.8)
  safety_mailer (= 0.0.3)
  sass (= 3.2.1)
  sass-rails (= 3.2.5)
  selenium-webdriver (= 2.32.1)
  sham_rack (= 1.3.1)
  shoulda-matchers
  sinatra
  snogmetrics (= 0.1.9)
  split (= 0.4.1)
  stripe!
  stripe_event
  strong_parameters
  thin (= 1.3.1)
  timecop (= 0.3.5)
  to_js!
  tumblr-rb!
  typhoeus (= 0.3.3)
  uglifier (= 1.2.4)
  unicorn
  validates_email_format_of (= 1.5.3)
  webmock (= 1.8.7)
