GEM
  remote: http://rubygems.org/
  specs:
    RedCloth (4.2.3)
    actionmailer (2.3.8)
      actionpack (= 2.3.8)
    actionpack (2.3.8)
      activesupport (= 2.3.8)
      rack (~> 1.1.0)
    activerecord (2.3.8)
      activesupport (= 2.3.8)
    activeresource (2.3.8)
      activesupport (= 2.3.8)
    activesupport (2.3.8)
    builder (2.1.2)
    capybara (0.3.9)
      culerity (>= 0.2.4)
      mime-types (>= 1.16)
      nokogiri (>= 1.3.3)
      rack (>= 1.0.0)
      rack-test (>= 0.5.4)
      selenium-webdriver (>= 0.0.3)
    capybara-envjs (0.1.6)
      capybara (>= 0.3.9)
      envjs (>= 0.3.7)
    capybara-envjs-fixes (0.0.5)
      capybara-envjs (>= 0.1.6)
    columnize (0.3.1)
    configuration (1.1.0)
    cucumber (0.8.5)
      builder (~> 2.1.2)
      diff-lcs (~> 1.1.2)
      gherkin (~> 2.1.4)
      json_pure (~> 1.4.3)
      term-ansicolor (~> 1.0.4)
    cucumber-rails (0.3.2)
      cucumber (>= 0.8.0)
    culerity (0.2.12)
    database_cleaner (0.5.0)
    diff-lcs (1.1.2)
    envjs (0.3.8)
      johnson (>= 2.0.0.pre3)
    factory_girl (1.2.3)
    ffi (0.6.3)
      rake (>= 0.8.7)
    formtastic (1.0.0)
      actionpack (>= 2.3.0, < 3.0.0)
      activesupport (>= 2.3.0, < 3.0.0)
      i18n (< 0.4)
    gherkin (2.1.5)
      trollop (~> 1.16.2)
    i18n (0.3.7)
    johnson (2.0.0.pre3)
      stackdeck (~> 0.2)
    json_pure (1.4.6)
    launchy (0.3.7)
      configuration (>= 0.0.5)
      rake (>= 0.8.1)
    linecache (0.43)
    mime-types (1.16)
    mysql (2.8.1)
    nokogiri (1.4.3.1)
    polyglot (0.3.1)
    rack (1.1.0)
    rack-test (0.5.5)
      rack (>= 1.0)
    rails (2.3.8)
      actionmailer (= 2.3.8)
      actionpack (= 2.3.8)
      activerecord (= 2.3.8)
      activeresource (= 2.3.8)
      activesupport (= 2.3.8)
      rake (>= 0.8.3)
    rake (0.8.7)
    rspec (1.3.0)
    rspec-rails (1.3.2)
      rack (>= 1.0.0)
      rspec (>= 1.3.0)
    ruby-debug (0.10.3)
      columnize (>= 0.1)
      ruby-debug-base (~> 0.10.3.0)
    ruby-debug-base (0.10.3)
      linecache (>= 0.3)
    rubyzip (0.9.4)
    selenium-webdriver (0.0.28)
      ffi (>= 0.6.1)
      json_pure
      rubyzip
    sham_rack (1.3.1)
    sinatra (1.0)
      rack (>= 1.0)
    stackdeck (0.2.0)
    term-ansicolor (1.0.5)
    treetop (1.4.5)
      polyglot (>= 0.3.1)
    trollop (1.16.2)
    will_paginate (2.3.14)

PLATFORMS
  ruby

DEPENDENCIES
  RedCloth
  capybara
  capybara-envjs
  capybara-envjs-fixes
  cucumber (= 0.8.5)
  cucumber-rails
  database_cleaner (= 0.5.0)
  factory_girl (= 1.2.3)
  formtastic
  johnson
  launchy
  mysql
  nokogiri (>= 1.4.0)
  polyglot (= 0.3.1)
  rails (= 2.3.8)
  rspec-rails (= 1.3.2)
  ruby-debug
  sham_rack (= 1.3.1)
  sinatra
  treetop (= 1.4.5)
  will_paginate
