GIT
  remote: git://github.com/cpytel/to_js.git
  revision: 66465bdab59dd001cd354fc0737814662eca3f0b
  specs:
    to_js (0.0.1)
      visitor

GIT
  remote: git@github.com:thoughtbot/capybara_discoball.git
  revision: e3791f5dd11eb024a524b43836bb010656594e49
  specs:
    capybara_discoball (0.0.1)
      capybara

GIT
  remote: https://github.com/stripe/stripe-ruby
  revision: 69a96ecc4b08549cf496c26a92ebbd8f405db49f
  specs:
    stripe (1.6.3)
      rest-client (~> 1.4)

GEM
  remote: http://rubygems.org/
  specs:
    RedCloth (4.2.9)
    actionmailer (3.2.12)
      actionpack (= 3.2.12)
      mail (~> 2.4.4)
    actionpack (3.2.12)
      activemodel (= 3.2.12)
      activesupport (= 3.2.12)
      builder (~> 3.0.0)
      erubis (~> 2.7.0)
      journey (~> 1.0.4)
      rack (~> 1.4.5)
      rack-cache (~> 1.2)
      rack-test (~> 0.6.1)
      sprockets (~> 2.2.1)
    activemodel (3.2.12)
      activesupport (= 3.2.12)
      builder (~> 3.0.0)
    activerecord (3.2.12)
      activemodel (= 3.2.12)
      activesupport (= 3.2.12)
      arel (~> 3.0.2)
      tzinfo (~> 0.3.29)
    activeresource (3.2.12)
      activemodel (= 3.2.12)
      activesupport (= 3.2.12)
    activesupport (3.2.12)
      i18n (~> 0.6)
      multi_json (~> 1.0)
    acts_as_list (0.1.6)
    addressable (2.3.2)
    airbrake (3.0.9)
      activesupport
      builder
    arel (3.0.2)
    attr_required (0.0.5)
    aws-s3 (0.6.2)
      builder
      mime-types
      xml-simple
    aws-sdk (1.3.6)
      httparty (~> 0.7)
      json (~> 1.4)
      nokogiri (>= 1.4.4)
      uuidtools (~> 2.1)
    bluecloth (2.2.0)
    bootstrap-sass (2.1.0.1)
    bourbon (3.0.1)
      sass (>= 3.2.0)
      thor
    bourne (1.1.2)
      mocha (= 0.10.5)
    builder (3.0.4)
    capybara (1.1.2)
      mime-types (>= 1.16)
      nokogiri (>= 1.3.3)
      rack (>= 1.0.0)
      rack-test (>= 0.5.4)
      selenium-webdriver (~> 2.0)
      xpath (~> 0.1.4)
    chameleon (0.2.2)
    childprocess (0.3.7)
      ffi (~> 1.0, >= 1.0.6)
    clearance (0.16.1)
      diesel (~> 0.1.5)
      rails (>= 3.0)
    cocaine (0.2.1)
    coffee-rails (3.2.2)
      coffee-script (>= 2.2.0)
      railties (~> 3.2.0)
    coffee-script (2.2.0)
      coffee-script-source
      execjs
    coffee-script-source (1.4.0)
    columnize (0.3.6)
    crack (0.3.1)
    csv_rails (0.6.1)
      rails (>= 3.0.0)
    cucumber (1.1.9)
      builder (>= 2.1.2)
      diff-lcs (>= 1.1.2)
      gherkin (~> 2.9.0)
      json (>= 1.4.6)
      term-ansicolor (>= 1.0.6)
    cucumber-rails (1.3.0)
      capybara (>= 1.1.2)
      cucumber (>= 1.1.8)
      nokogiri (>= 1.5.0)
    curb (0.8.1)
    daemons (1.1.8)
    dalli (2.1.0)
    database_cleaner (0.7.2)
    debugger (1.2.3)
      columnize (>= 0.3.1)
      debugger-linecache (~> 1.1.1)
      debugger-ruby_core_source (~> 1.1.5)
    debugger-linecache (1.1.2)
      debugger-ruby_core_source (>= 1.1.1)
    debugger-ruby_core_source (1.1.6)
    delayed_job (3.0.4)
      activesupport (~> 3.0)
    delayed_job_active_record (0.3.3)
      activerecord (>= 2.1.0, < 4)
      delayed_job (~> 3.0)
    diesel (0.1.5)
      railties
    diff-lcs (1.1.3)
    dynamic_form (1.1.4)
    email_spec (1.2.1)
      mail (~> 2.2)
      rspec (~> 2.0)
    erubis (2.7.0)
    escape_utils (0.2.4)
    eventmachine (0.12.10)
    execjs (1.3.0)
      multi_json (~> 1.0)
    factory_girl (3.3.0)
      activesupport (>= 3.0.0)
    factory_girl_rails (3.3.0)
      factory_girl (~> 3.3.0)
      railties (>= 3.0.0)
    faraday (0.8.0)
      addressable (~> 2.2)
      multipart-post (~> 1.1)
    faraday_middleware (0.8.7)
      faraday (>= 0.7.4, < 0.9)
    ffi (1.3.1)
    flutie (1.3.3)
    font-awesome-sass-rails (2.0.0.0)
      railties (>= 3.1.1)
      sass-rails (>= 3.1.1)
    foreman (0.46.0)
      thor (>= 0.13.6)
    formtastic (2.2.0)
      actionpack (>= 3.0)
    gherkin (2.9.3)
      json (>= 1.4.6)
    haml (3.1.7)
    hashie (1.2.0)
    high_voltage (1.2.0)
    hike (1.2.1)
    hirb (0.6.2)
    httparty (0.8.1)
      multi_json
      multi_xml
    httpauth (0.1)
    i18n (0.6.1)
    journey (1.0.4)
    jquery-rails (2.0.2)
      railties (>= 3.2.0, < 5.0)
      thor (~> 0.14)
    jquery-ui-rails (2.0.2)
      jquery-rails
      railties (>= 3.1.0)
    json (1.7.7)
    jwt (0.1.5)
      multi_json (>= 1.0)
    kaminari (0.14.1)
      actionpack (>= 3.0.0)
      activesupport (>= 3.0.0)
    kissmetrics (2.0.0)
    launchy (2.2.0)
      addressable (~> 2.3)
    mail (2.4.4)
      i18n (>= 0.4.0)
      mime-types (~> 1.16)
      treetop (~> 1.4.8)
    memcachier (0.0.1)
    metaclass (0.0.1)
    mime-types (1.21)
    mocha (0.10.5)
      metaclass (~> 0.0.1)
    multi_json (1.5.1)
    multi_xml (0.4.4)
    multipart-post (1.1.5)
    nested_form (0.2.3)
    newrelic_rpm (3.4.1)
    nokogiri (1.5.2)
    oauth2 (0.8.0)
      faraday (~> 0.8)
      httpauth (~> 0.1)
      jwt (~> 0.1.4)
      multi_json (~> 1.0)
      rack (~> 1.2)
    octokit (1.1.0)
      addressable (~> 2.2)
      faraday (~> 0.8)
      faraday_middleware (~> 0.8)
      hashie (~> 1.2)
      multi_json (~> 1.3)
    omniauth (1.1.0)
      hashie (~> 1.2)
      rack
    omniauth-github (1.0.2)
      omniauth (~> 1.0)
      omniauth-oauth2 (~> 1.1)
    omniauth-oauth2 (1.1.0)
      oauth2 (~> 0.8.0)
      omniauth (~> 1.0)
    paperclip (3.0.2)
      activemodel (>= 3.0.0)
      activerecord (>= 3.0.0)
      activesupport (>= 3.0.0)
      cocaine (>= 0.0.2)
      mime-types
    paypal-express (0.4.6)
      activesupport (>= 2.3)
      attr_required (>= 0.0.5)
      i18n
      restclient_with_cert
    pg (0.13.2)
    polyglot (0.3.3)
    rack (1.4.5)
    rack-cache (1.2)
      rack (>= 0.4)
    rack-pjax (0.6.0)
      nokogiri (~> 1.5)
      rack (~> 1.3)
    rack-rewrite (1.2.1)
    rack-ssl (1.3.3)
      rack
    rack-ssl-enforcer (0.2.4)
    rack-test (0.6.2)
      rack (>= 1.0)
    rails (3.2.12)
      actionmailer (= 3.2.12)
      actionpack (= 3.2.12)
      activerecord (= 3.2.12)
      activeresource (= 3.2.12)
      activesupport (= 3.2.12)
      bundler (~> 1.0)
      railties (= 3.2.12)
    rails_admin (0.1.2)
      bootstrap-sass (~> 2.0)
      builder (~> 3.0)
      coffee-rails (~> 3.1)
      font-awesome-sass-rails (~> 2.0)
      haml (~> 3.1)
      jquery-rails (~> 2.0)
      jquery-ui-rails (~> 2.0)
      kaminari (~> 0.12)
      nested_form (~> 0.2.3)
      rack-pjax (~> 0.5)
      rails (~> 3.1)
      remotipart (~> 1.0)
      sass-rails (~> 3.1)
    railties (3.2.12)
      actionpack (= 3.2.12)
      activesupport (= 3.2.12)
      rack-ssl (~> 1.3.2)
      rake (>= 0.8.7)
      rdoc (~> 3.4)
      thor (>= 0.14.6, < 2.0)
    rake (10.0.3)
    rdoc (3.12.1)
      json (~> 1.4)
    redis (2.2.2)
    redis-namespace (1.1.0)
      redis (< 3.0.0)
    remotipart (1.0.2)
    rest-client (1.6.7)
      mime-types (>= 1.16)
    restclient_with_cert (0.0.8)
      rest-client (>= 1.6)
    rspec (2.11.0)
      rspec-core (~> 2.11.0)
      rspec-expectations (~> 2.11.0)
      rspec-mocks (~> 2.11.0)
    rspec-core (2.11.1)
    rspec-expectations (2.11.3)
      diff-lcs (~> 1.1.3)
    rspec-mocks (2.11.3)
    rspec-rails (2.11.0)
      actionpack (>= 3.0)
      activesupport (>= 3.0)
      railties (>= 3.0)
      rspec (~> 2.11.0)
    ruby-freshbooks (0.4.0)
      builder (>= 2.1.2)
      httparty (>= 0.5.0)
    rubyzip (0.9.9)
    safety_mailer (0.0.3)
    sass (3.2.1)
    sass-rails (3.2.5)
      railties (~> 3.2.0)
      sass (>= 3.1.10)
      tilt (~> 1.3)
    selenium-webdriver (2.29.0)
      childprocess (>= 0.2.5)
      multi_json (~> 1.0)
      rubyzip
      websocket (~> 1.0.4)
    sham_rack (1.3.1)
    shoulda-matchers (1.4.1)
      activesupport (>= 3.0.0)
    sinatra (1.2.8)
      rack (~> 1.1)
      tilt (>= 1.2.2, < 2.0)
    snogmetrics (0.1.9)
    split (0.4.1)
      redis (~> 2.1)
      redis-namespace (~> 1.1.0)
      sinatra (>= 1.2.6)
    sprockets (2.2.2)
      hike (~> 1.2)
      multi_json (~> 1.0)
      rack (~> 1.0)
      tilt (~> 1.1, != 1.3.0)
    term-ansicolor (1.0.7)
    thin (1.3.1)
      daemons (>= 1.0.9)
      eventmachine (>= 0.12.6)
      rack (>= 1.0.0)
    thor (0.17.0)
    tilt (1.3.3)
    timecop (0.3.5)
    treetop (1.4.12)
      polyglot
      polyglot (>= 0.3.1)
    typhoeus (0.3.3)
      mime-types
    tzinfo (0.3.35)
    uglifier (1.2.4)
      execjs (>= 0.3.0)
      multi_json (>= 1.0.2)
    uuidtools (2.1.2)
    validates_email_format_of (1.5.3)
    vcr (2.1.1)
    visitor (0.0.1)
    webmock (1.8.7)
      addressable (>= 2.2.7)
      crack (>= 0.1.7)
    websocket (1.0.7)
    xml-simple (1.1.1)
    xpath (0.1.4)
      nokogiri (~> 1.3)

PLATFORMS
  ruby

DEPENDENCIES
  RedCloth (= 4.2.9)
  acts_as_list (= 0.1.6)
  airbrake (= 3.0.9)
  aws-s3 (= 0.6.2)
  aws-sdk (= 1.3.6)
  bluecloth
  bourbon (= 3.0.1)
  bourne (= 1.1.2)
  capybara (= 1.1.2)
  capybara_discoball!
  chameleon (= 0.2.2)
  clearance (= 0.16.1)
  csv_rails (= 0.6.1)
  cucumber-rails (= 1.3.0)
  curb (= 0.8.1)
  dalli (= 2.1.0)
  database_cleaner (= 0.7.2)
  debugger
  delayed_job_active_record (= 0.3.3)
  dynamic_form (= 1.1.4)
  email_spec (= 1.2.1)
  escape_utils (= 0.2.4)
  factory_girl_rails (= 3.3.0)
  flutie (= 1.3.3)
  foreman (= 0.46.0)
  formtastic (= 2.2.0)
  haml (= 3.1.7)
  high_voltage (= 1.2.0)
  hirb (= 0.6.2)
  httparty (= 0.8.1)
  jquery-rails (= 2.0.2)
  kissmetrics (= 2.0.0)
  launchy
  memcachier
  mocha (= 0.10.5)
  newrelic_rpm
  nokogiri (= 1.5.2)
  octokit (= 1.1.0)
  omniauth (= 1.1.0)
  omniauth-github (= 1.0.2)
  paperclip (= 3.0.2)
  paypal-express (= 0.4.6)
  pg (= 0.13.2)
  rack-cache (= 1.2)
  rack-rewrite (= 1.2.1)
  rack-ssl-enforcer (= 0.2.4)
  rails (= 3.2.12)
  rails_admin (~> 0.1.2)
  rspec-rails (= 2.11.0)
  ruby-freshbooks (= 0.4.0)
  safety_mailer (= 0.0.3)
  sass (= 3.2.1)
  sass-rails (= 3.2.5)
  selenium-webdriver (= 2.29.0)
  sham_rack (= 1.3.1)
  shoulda-matchers (= 1.4.1)
  sinatra (= 1.2.8)
  snogmetrics (= 0.1.9)
  split (= 0.4.1)
  stripe!
  thin (= 1.3.1)
  timecop (= 0.3.5)
  to_js!
  typhoeus (= 0.3.3)
  uglifier (= 1.2.4)
  validates_email_format_of (= 1.5.3)
  vcr (= 2.1.1)
  webmock (= 1.8.7)
